PATH
  remote: .
  specs:
    csv_to_ledger (0.0.1)
      highline
      sequel
      sqlite3

GEM
  remote: https://rubygems.org/
  specs:
    coderay (1.1.0)
    highline (1.6.20)
    method_source (0.8.2)
    pry (0.9.12.4)
      coderay (~> 1.0)
      method_source (~> 0.8)
      slop (~> 3.4)
    pry (0.9.12.4-x86-mingw32)
      coderay (~> 1.0)
      method_source (~> 0.8)
      slop (~> 3.4)
      win32console (~> 1.3)
    rake (10.1.0)
    sequel (4.4.0)
    slop (3.4.7)
    sqlite3 (1.3.8)
    sqlite3 (1.3.8-x86-mingw32)
    win32console (1.3.2-x86-mingw32)

PLATFORMS
  ruby
  x86-mingw32

DEPENDENCIES
  bundler (~> 1.3)
  csv_to_ledger!
  pry
  rake
